GEM
  remote: http://rubygems.org/
  specs:
    ParseTree (3.0.6)
      RubyInline (>= 3.7.0)
      sexp_processor (>= 3.0.0)
    RubyInline (3.8.6)
      ZenTest (~> 4.3)
    ZenTest (4.4.2)
    addressable (2.2.4)
    contest (0.1.2)
    data_objects (0.10.3)
      addressable (~> 2.1)
    dm-aggregates (1.0.2)
      dm-core (~> 1.0.2)
    dm-core (1.0.2)
      addressable (~> 2.2)
      extlib (~> 0.9.15)
    dm-do-adapter (1.0.2)
      data_objects (~> 0.10.2)
      dm-core (~> 1.0.2)
    dm-migrations (1.0.2)
      dm-core (~> 1.0.2)
    dm-mysql-adapter (1.0.2)
      dm-do-adapter (~> 1.0.2)
      do_mysql (~> 0.10.2)
    dm-sweatshop (1.0.2)
      dm-core (~> 1.0.2)
      randexp (~> 0.1.5)
    dm-timestamps (1.0.2)
      dm-core (~> 1.0.2)
    dm-validations (1.0.2)
      dm-core (~> 1.0.2)
    do_mysql (0.10.3)
      data_objects (= 0.10.3)
    extlib (0.9.15)
    kgio (1.3.1)
    rack (1.2.1)
    rack-test (0.5.6)
      rack (>= 1.0)
    rainbows (1.0.0)
      rack (~> 1.1)
      unicorn (~> 2.0.0)
    randexp (0.1.5)
      ParseTree
    sexp_processor (3.0.5)
    shotgun (0.8)
      rack (>= 1.0)
    sinatra (1.2.0)
      rack (~> 1.1)
      tilt (>= 1.2.2, < 2.0)
    sinatra-namespace (0.6.1)
      sinatra (~> 1.1)
    tilt (1.2.2)
    unicorn (2.0.1)
      kgio (~> 1.3.1)
      rack
    yajl-ruby (0.8.1)

PLATFORMS
  ruby

DEPENDENCIES
  contest (= 0.1.2)
  dm-aggregates (= 1.0.2)
  dm-core (= 1.0.2)
  dm-migrations (= 1.0.2)
  dm-mysql-adapter (= 1.0.2)
  dm-sweatshop (= 1.0.2)
  dm-timestamps (= 1.0.2)
  dm-validations (= 1.0.2)
  rack-test (= 0.5.6)
  rainbows
  shotgun
  sinatra (= 1.2.0)
  sinatra-namespace (= 0.6.1)
  yajl-ruby (= 0.8.1)
